PATH
  remote: .
  specs:
    easy_request (0.0.2)
      json (~> 1.7)

GEM
  remote: https://rubygems.org/
  specs:
    json (1.8.6)
    minitest (5.8.5)
    rake (12.0.0)

PLATFORMS
  ruby

DEPENDENCIES
  bundler!
  easy_request!
  minitest!
  rake!

BUNDLED WITH
   1.14.6
