PATH
  remote: .
  specs:
    easy_request (1.0.0)

GEM
  remote: https://rubygems.org/
  specs:
    minitest (5.14.0)
    rake (12.3.3)

PLATFORMS
  ruby

DEPENDENCIES
  bundler (>= 2.2.10)!
  easy_request!
  minitest (~> 5.10)!
  rake (>= 12.3.3)!

BUNDLED WITH
   1.14.6
